PATH
  remote: .
  specs:
    capistrano-mongo-sync (0.1.0)
      capistrano (~> 3.1)
      sshkit (~> 1.2)

GEM
  remote: https://rubygems.org/
  specs:
    capistrano (3.4.0)
      i18n
      rake (>= 10.0.0)
      sshkit (~> 1.3)
    i18n (0.7.0)
    metaclass (0.0.4)
    minitest (5.8.4)
    mocha (1.1.0)
      metaclass (~> 0.0.1)
    net-scp (1.2.1)
      net-ssh (>= 2.6.5)
    net-ssh (3.0.2)
    rake (11.1.1)
    sshkit (1.9.0)
      net-scp (>= 1.1.2)
      net-ssh (>= 2.8.0)

PLATFORMS
  ruby

DEPENDENCIES
  capistrano-mongo-sync!
  minitest (~> 5.8)
  mocha (~> 1.1)

BUNDLED WITH
   1.11.2
