PATH
  remote: .
  specs:
    capistrano-mongo-sync (0.1.6)
      capistrano (~> 3.1)
      sshkit (~> 1.2)

GEM
  remote: https://rubygems.org/
  specs:
    airbrussh (1.3.0)
      sshkit (>= 1.6.1, != 1.7.0)
    capistrano (3.10.1)
      airbrussh (>= 1.0.0)
      i18n
      rake (>= 10.0.0)
      sshkit (>= 1.9.0)
    concurrent-ruby (1.0.5)
    i18n (0.9.1)
      concurrent-ruby (~> 1.0)
    metaclass (0.0.4)
    minitest (5.8.4)
    mocha (1.1.0)
      metaclass (~> 0.0.1)
    net-scp (1.2.1)
      net-ssh (>= 2.6.5)
    net-ssh (4.2.0)
    rake (12.3.0)
    sshkit (1.15.1)
      net-scp (>= 1.1.2)
      net-ssh (>= 2.8.0)

PLATFORMS
  ruby

DEPENDENCIES
  capistrano-mongo-sync!
  minitest (~> 5.8)
  mocha (~> 1.1)

BUNDLED WITH
   1.16.1
